GEM
  remote: https://rubygems.org/
  specs:
    activemodel (3.2.22.5)
      activesupport (= 3.2.22.5)
      builder (~> 3.0.0)
    activerecord (3.2.22.5)
      activemodel (= 3.2.22.5)
      activesupport (= 3.2.22.5)
      arel (~> 3.0.2)
      tzinfo (~> 0.3.29)
    activesupport (3.2.22.5)
      i18n (~> 0.6, >= 0.6.4)
      multi_json (~> 1.0)
    arel (3.0.3)
    builder (3.0.4)
    daemons (1.2.4)
    diff-lcs (1.3)
    eventmachine (1.2.5)
    haml (4.0.7)
      tilt
    i18n (0.8.6)
    multi_json (1.12.2)
    pg (0.18.4)
    rack (1.6.8)
    rack-protection (1.5.3)
      rack
    rack-test (0.6.2)
      rack (>= 1.0)
    rake (10.0.4)
    rspec (2.14.1)
      rspec-core (~> 2.14.0)
      rspec-expectations (~> 2.14.0)
      rspec-mocks (~> 2.14.0)
    rspec-core (2.14.8)
    rspec-expectations (2.14.5)
      diff-lcs (>= 1.1.3, < 2.0)
    rspec-mocks (2.14.6)
    sinatra (1.4.7)
      rack (~> 1.5)
      rack-protection (~> 1.4)
      tilt (>= 1.3, < 3)
    thin (1.7.0)
      daemons (~> 1.0, >= 1.0.9)
      eventmachine (~> 1.0, >= 1.0.4)
      rack (>= 1, < 3)
    tilt (2.0.8)
    tzinfo (0.3.53)

PLATFORMS
  ruby

DEPENDENCIES
  activerecord (= 3.2.22.5)
  activesupport (= 3.2.22.5)
  haml (~> 4.0.4)
  pg (~> 0.18.4)
  rack-test (= 0.6.2)
  rake (~> 10.0.4)
  rspec (= 2.14.1)
  sinatra (= 1.4.7)
  thin (= 1.7.0)

RUBY VERSION
   ruby 2.3.5p376

BUNDLED WITH
   1.16.0.pre.2
